GEM
  remote: https://rubygems.org/
  specs:
    descriptive-statistics (2.1.2)

PLATFORMS
  java

DEPENDENCIES
  descriptive-statistics

BUNDLED WITH
   1.10.6
